GEM
  remote: http://rubygems.org/
  specs:
    active_support (3.0.0)
      activesupport (= 3.0.0)
    activesupport (3.0.0)
    builder (3.0.0)
    diff-lcs (1.1.3)
    factory_girl (1.3.2)
    growl (1.0.3)
    guard (0.8.8)
      thor (~> 0.14.6)
    guard-rspec (0.5.2)
      guard (>= 0.8.4)
    guard-spork (0.3.1)
      guard (>= 0.8.4)
      spork (>= 0.8.4)
    nas-yahoo_stock (1.0.8)
      builder (>= 2.1.2)
    rake (0.8.7)
    rb-fsevent (0.4.3.1)
    rspec (2.5.0)
      rspec-core (~> 2.5.0)
      rspec-expectations (~> 2.5.0)
      rspec-mocks (~> 2.5.0)
    rspec-core (2.5.2)
    rspec-expectations (2.5.0)
      diff-lcs (~> 1.1.2)
    rspec-mocks (2.5.0)
    spork (0.9.0.rc9)
    thor (0.14.6)

PLATFORMS
  ruby

DEPENDENCIES
  active_support
  factory_girl (= 1.3.2)
  growl (= 1.0.3)
  guard-rspec
  guard-spork
  nas-yahoo_stock
  rake (= 0.8.7)
  rb-fsevent (= 0.4.3.1)
  rspec (= 2.5.0)
  spork (> 0.9.0.rc)
